GEM
  remote: https://rubygems.org/
  specs:
    cinch (2.2.5)

PLATFORMS
  ruby

DEPENDENCIES
  cinch
